GEM
  remote: https://rubygems.org/
  specs:
    actionpack (7.1.1)
      actionview (= 7.1.1)
      activesupport (= 7.1.1)
      nokogiri (>= 1.8.5)
      rack (>= 2.2.4)
      rack-session (>= 1.0.1)
      rack-test (>= 0.6.3)
      rails-dom-testing (~> 2.2)
      rails-html-sanitizer (~> 1.6)
    actionview (7.1.1)
      activesupport (= 7.1.1)
      builder (~> 3.1)
      erubi (~> 1.11)
      rails-dom-testing (~> 2.2)
      rails-html-sanitizer (~> 1.6)
    activesupport (7.1.1)
      base64
      bigdecimal
      concurrent-ruby (~> 1.0, >= 1.0.2)
      connection_pool (>= 2.2.5)
      drb
      i18n (>= 1.6, < 2)
      minitest (>= 5.1)
      mutex_m
      tzinfo (~> 2.0)
    addressable (2.8.5)
      public_suffix (>= 2.0.2, < 6.0)
    base64 (0.1.1)
    bigdecimal (3.1.4)
    builder (3.2.4)
    coffee-script (2.4.1)
      coffee-script-source
      execjs
    coffee-script-source (1.12.2)
    colorator (1.1.0)
    commonmarker (0.17.13)
      ruby-enum (~> 0.5)
    concurrent-ruby (1.2.2)
    connection_pool (2.4.1)
    crass (1.0.6)
    deep_merge (1.2.2)
    dotenv (2.8.1)
    dotenv-rails (2.8.1)
      dotenv (= 2.8.1)
      railties (>= 3.2)
    drb (2.1.1)
      ruby2_keywords
    em-websocket (0.5.3)
      eventmachine (>= 0.12.9)
      http_parser.rb (~> 0)
    erubi (1.12.0)
    ethon (0.16.0)
      ffi (>= 1.15.0)
    eventmachine (1.2.7)
    execjs (2.9.1)
    faraday (2.7.11)
      base64
      faraday-net_http (>= 2.0, < 3.1)
      ruby2_keywords (>= 0.0.4)
    faraday-net_http (3.0.2)
    fastimage (2.2.7)
    ffi (1.16.3)
    forwardable-extended (2.6.0)
    gemoji (4.1.0)
    google-protobuf (3.24.4)
    html-pipeline (2.14.3)
      activesupport (>= 2)
      nokogiri (>= 1.4)
    html-proofer (4.4.3)
      addressable (~> 2.3)
      mercenary (~> 0.3)
      nokogiri (~> 1.13)
      parallel (~> 1.10)
      rainbow (~> 3.0)
      typhoeus (~> 1.3)
      yell (~> 2.0)
      zeitwerk (~> 2.5)
    http_parser.rb (0.8.0)
    i18n (1.14.1)
      concurrent-ruby (~> 1.0)
    io-console (0.6.0)
    irb (1.8.3)
      rdoc
      reline (>= 0.3.8)
    jekyll (4.3.2)
      addressable (~> 2.4)
      colorator (~> 1.0)
      em-websocket (~> 0.5)
      i18n (~> 1.0)
      jekyll-sass-converter (>= 2.0, < 4.0)
      jekyll-watch (~> 2.0)
      kramdown (~> 2.3, >= 2.3.1)
      kramdown-parser-gfm (~> 1.0)
      liquid (~> 4.0)
      mercenary (>= 0.3.6, < 0.5)
      pathutil (~> 0.9)
      rouge (>= 3.0, < 5.0)
      safe_yaml (~> 1.0)
      terminal-table (>= 1.8, < 4.0)
      webrick (~> 1.7)
    jekyll-archives (2.2.1)
      jekyll (>= 3.6, < 5.0)
    jekyll-coffeescript (2.0.0)
      coffee-script (~> 2.2)
      coffee-script-source (~> 1.12)
    jekyll-commonmark (1.3.1)
      commonmarker (~> 0.14)
      jekyll (>= 3.7, < 5.0)
    jekyll-commonmark-ghpages (0.1.6)
      commonmarker (~> 0.17.6)
      jekyll-commonmark (~> 1.2)
      rouge (>= 2.0, < 4.0)
    jekyll-default-layout (0.1.5)
      jekyll (>= 3.0, < 5.0)
    jekyll-feed (0.17.0)
      jekyll (>= 3.7, < 5.0)
    jekyll-get-json (1.0.0)
      deep_merge (~> 1.2)
      jekyll (>= 3.0)
    jekyll-gist (1.5.0)
      octokit (~> 4.2)
    jekyll-github-metadata (2.16.0)
      jekyll (>= 3.4, < 5.0)
      octokit (>= 4, < 7, != 4.4.0)
    jekyll-image-size (1.2.1)
      fastimage (>= 1.8)
      jekyll (>= 3.7)
    jekyll-last-modified-at (1.3.0)
      jekyll (>= 3.7, < 5.0)
      posix-spawn (~> 0.3.9)
    jekyll-octicons (19.8.0)
      jekyll (>= 3.6, < 5.0)
      octicons (= 19.8.0)
    jekyll-optional-front-matter (0.3.2)
      jekyll (>= 3.0, < 5.0)
    jekyll-paginate (1.1.0)
    jekyll-readme-index (0.3.0)
      jekyll (>= 3.0, < 5.0)
    jekyll-redirect-from (0.16.0)
      jekyll (>= 3.3, < 5.0)
    jekyll-relative-links (0.7.0)
      jekyll (>= 3.3, < 5.0)
    jekyll-responsive-image (1.6.0)
      jekyll (>= 2.0, < 5.0)
      rmagick (>= 2.0, < 5.0)
    jekyll-sass-converter (3.0.0)
      sass-embedded (~> 1.54)
    jekyll-seo-tag (2.8.0)
      jekyll (>= 3.8, < 5.0)
    jekyll-sitemap (1.4.0)
      jekyll (>= 3.7, < 5.0)
    jekyll-titles-from-headings (0.5.3)
      jekyll (>= 3.3, < 5.0)
    jekyll-watch (2.2.1)
      listen (~> 3.0)
    jemoji (0.13.0)
      gemoji (>= 3, < 5)
      html-pipeline (~> 2.2)
      jekyll (>= 3.0, < 5.0)
    kramdown (2.4.0)
      rexml
    kramdown-parser-gfm (1.1.0)
      kramdown (~> 2.0)
    liquid (4.0.4)
    listen (3.8.0)
      rb-fsevent (~> 0.10, >= 0.10.3)
      rb-inotify (~> 0.9, >= 0.9.10)
    loofah (2.21.4)
      crass (~> 1.0.2)
      nokogiri (>= 1.12.0)
    mercenary (0.4.0)
    mini_portile2 (2.8.4)
    minitest (5.20.0)
    mutex_m (0.1.2)
    nokogiri (1.15.4)
      mini_portile2 (~> 2.8.2)
      racc (~> 1.4)
    octicons (19.8.0)
    octokit (4.25.1)
      faraday (>= 1, < 3)
      sawyer (~> 0.9)
    parallel (1.23.0)
    pathutil (0.16.2)
      forwardable-extended (~> 2.6)
    posix-spawn (0.3.15)
    psych (5.1.1)
      stringio
    public_suffix (5.0.3)
    racc (1.7.1)
    rack (3.0.8)
    rack-session (2.0.0)
      rack (>= 3.0.0)
    rack-test (2.1.0)
      rack (>= 1.3)
    rackup (2.1.0)
      rack (>= 3)
      webrick (~> 1.8)
    rails-dom-testing (2.2.0)
      activesupport (>= 5.0.0)
      minitest
      nokogiri (>= 1.6)
    rails-html-sanitizer (1.6.0)
      loofah (~> 2.21)
      nokogiri (~> 1.14)
    railties (7.1.1)
      actionpack (= 7.1.1)
      activesupport (= 7.1.1)
      irb
      rackup (>= 1.0.0)
      rake (>= 12.2)
      thor (~> 1.0, >= 1.2.2)
      zeitwerk (~> 2.6)
    rainbow (3.1.1)
    rake (13.0.6)
    rb-fsevent (0.11.2)
    rb-inotify (0.10.1)
      ffi (~> 1.0)
    rdoc (6.5.0)
      psych (>= 4.0.0)
    reline (0.3.9)
      io-console (~> 0.5)
    rexml (3.2.6)
    rmagick (4.3.0)
    rouge (3.30.0)
    ruby-enum (0.9.0)
      i18n
    ruby2_keywords (0.0.5)
    safe_yaml (1.0.5)
    sass-embedded (1.69.3)
      google-protobuf (~> 3.23)
      rake (>= 13.0.0)
    sawyer (0.9.2)
      addressable (>= 2.3.5)
      faraday (>= 0.17.3, < 3)
    stringio (3.0.8)
    terminal-table (3.0.2)
      unicode-display_width (>= 1.1.1, < 3)
    thor (1.2.2)
    typhoeus (1.4.0)
      ethon (>= 0.9.0)
    tzinfo (2.0.6)
      concurrent-ruby (~> 1.0)
    unicode-display_width (2.5.0)
    webrick (1.8.1)
    yell (2.2.2)
    zeitwerk (2.6.12)

PLATFORMS
  ruby

DEPENDENCIES
  dotenv-rails
  html-proofer
  jekyll
  jekyll-archives
  jekyll-coffeescript
  jekyll-commonmark-ghpages
  jekyll-default-layout
  jekyll-feed
  jekyll-get-json
  jekyll-gist
  jekyll-github-metadata
  jekyll-image-size
  jekyll-last-modified-at
  jekyll-octicons
  jekyll-optional-front-matter
  jekyll-paginate
  jekyll-readme-index
  jekyll-redirect-from
  jekyll-relative-links
  jekyll-responsive-image
  jekyll-seo-tag
  jekyll-sitemap
  jekyll-titles-from-headings
  jemoji
  kramdown-parser-gfm
  webrick

BUNDLED WITH
   2.3.20
